GEM
  remote: http://rubygems.org/
  specs:
    actionmailer (2.0.2)
      actionpack (= 2.0.2)
    actionpack (2.0.2)
      activesupport (= 2.0.2)
    activerecord (2.0.2)
      activesupport (= 2.0.2)
    activeresource (2.0.2)
      activesupport (= 2.0.2)
    activesupport (2.0.2)
    andand (1.3.3)
    faker (1.0.1)
      i18n (~> 0.4)
    haml (3.1.4)
    hpricot (0.8.6)
    i18n (0.6.0)
    pg (0.13.2)
    postgres (0.8.1)
      pg (~> 0)
    rails (2.0.2)
      actionmailer (= 2.0.2)
      actionpack (= 2.0.2)
      activerecord (= 2.0.2)
      activeresource (= 2.0.2)
      activesupport (= 2.0.2)
      rake (>= 0.7.2)
    rake (0.9.2.2)

PLATFORMS
  ruby

DEPENDENCIES
  andand
  faker
  haml
  hpricot
  pg
  postgres
  rails (= 2.0.2)
