GEM
  remote: http://rubygems.org/
  specs:
    actionmailer (2.0.2)
      actionpack (= 2.0.2)
    actionpack (2.0.2)
      activesupport (= 2.0.2)
    activerecord (2.0.2)
      activesupport (= 2.0.2)
    activeresource (2.0.2)
      activesupport (= 2.0.2)
    activesupport (2.0.2)
    faker (1.0.1)
      i18n (~> 0.4)
    haml (3.1.4)
    i18n (0.6.0)
    postgres (0.7.9.2008.01.28)
    rails (2.0.2)
      actionmailer (= 2.0.2)
      actionpack (= 2.0.2)
      activerecord (= 2.0.2)
      activeresource (= 2.0.2)
      activesupport (= 2.0.2)
      rake (>= 0.7.2)
    rake (0.8.7)

PLATFORMS
  ruby

DEPENDENCIES
  faker
  haml
  postgres
  rails (= 2.0.2)
